PATH
  remote: .
  specs:
    fabricate (0.1.1)
      faker (~> 1.6)

GEM
  remote: https://rubygems.org/
  specs:
    coderay (1.1.1)
    coolline (0.5.0)
      unicode_utils (~> 1.4)
    faker (1.6.6)
      i18n (~> 0.5)
    i18n (0.7.0)
    method_source (0.8.2)
    minitest (5.8.5)
    pry (0.10.4)
      coderay (~> 1.1.0)
      method_source (~> 0.8.1)
      slop (~> 3.4)
    pry-coolline (0.2.5)
      coolline (~> 0.5)
    rake (10.3.2)
    slop (3.6.0)
    unicode_utils (1.4.0)

PLATFORMS
  ruby

DEPENDENCIES
  bundler (~> 1.13)
  fabricate!
  minitest (~> 5.0)
  pry (~> 0.10)
  pry-coolline (~> 0.2.5)
  rake (~> 10.0)

BUNDLED WITH
   1.13.6
