GEM
  remote: https://rubygems.org/
  specs:
    faker (1.6.6)
      i18n (~> 0.5)
    i18n (0.7.0)
    minitest (2.5.1)
    rake (10.3.2)

PLATFORMS
  ruby

DEPENDENCIES
  faker
  minitest
  rake

BUNDLED WITH
   1.11.2
